GIT
  remote: https://github.com/faker-ruby/faker.git
  revision: 1eca876eeb430541bfe4158b9f798913ef57b37a
  branch: master
  specs:
    faker (2.7.0)
      i18n (>= 1.6, < 1.8)

GIT
  remote: https://github.com/galetahub/ckeditor.git
  revision: ab55dff215999c6efbb9190459bc84ab2514ea1c
  specs:
    ckeditor (5.0.0)
      orm_adapter (~> 0.5.0)

GEM
  remote: https://rubygems.org/
  specs:
    actioncable (5.2.3)
      actionpack (= 5.2.3)
      nio4r (~> 2.0)
      websocket-driver (>= 0.6.1)
    actionmailer (5.2.3)
      actionpack (= 5.2.3)
      actionview (= 5.2.3)
      activejob (= 5.2.3)
      mail (~> 2.5, >= 2.5.4)
      rails-dom-testing (~> 2.0)
    actionpack (5.2.3)
      actionview (= 5.2.3)
      activesupport (= 5.2.3)
      rack (~> 2.0)
      rack-test (>= 0.6.3)
      rails-dom-testing (~> 2.0)
      rails-html-sanitizer (~> 1.0, >= 1.0.2)
    actionview (5.2.3)
      activesupport (= 5.2.3)
      builder (~> 3.1)
      erubi (~> 1.4)
      rails-dom-testing (~> 2.0)
      rails-html-sanitizer (~> 1.0, >= 1.0.3)
    activejob (5.2.3)
      activesupport (= 5.2.3)
      globalid (>= 0.3.6)
    activemodel (5.2.3)
      activesupport (= 5.2.3)
    activerecord (5.2.3)
      activemodel (= 5.2.3)
      activesupport (= 5.2.3)
      arel (>= 9.0)
    activestorage (5.2.3)
      actionpack (= 5.2.3)
      activerecord (= 5.2.3)
      marcel (~> 0.3.1)
    activestorage-validator (0.1.3)
      rails (>= 5.2.0)
    activesupport (5.2.3)
      concurrent-ruby (~> 1.0, >= 1.0.2)
      i18n (>= 0.7, < 2)
      minitest (~> 5.1)
      tzinfo (~> 1.1)
    acts-as-taggable-on (6.0.0)
      activerecord (~> 5.0)
    addressable (2.7.0)
      public_suffix (>= 2.0.2, < 5.0)
    airbrussh (1.3.3)
      sshkit (>= 1.6.1, != 1.7.0)
    arel (9.0.0)
    ast (2.4.0)
    autoprefixer-rails (9.6.1.1)
      execjs
    aws-eventstream (1.0.3)
    aws-partitions (1.211.0)
    aws-sdk-core (3.67.0)
      aws-eventstream (~> 1.0, >= 1.0.2)
      aws-partitions (~> 1.0)
      aws-sigv4 (~> 1.1)
      jmespath (~> 1.0)
    aws-sdk-kms (1.24.0)
      aws-sdk-core (~> 3, >= 3.61.1)
      aws-sigv4 (~> 1.1)
    aws-sdk-s3 (1.48.0)
      aws-sdk-core (~> 3, >= 3.61.1)
      aws-sdk-kms (~> 1)
      aws-sigv4 (~> 1.1)
    aws-sigv4 (1.1.0)
      aws-eventstream (~> 1.0, >= 1.0.2)
    axiom-types (0.1.1)
      descendants_tracker (~> 0.0.4)
      ice_nine (~> 0.11.0)
      thread_safe (~> 0.3, >= 0.3.1)
    bcrypt (3.1.13)
    bindex (0.8.1)
    bootsnap (1.4.5)
      msgpack (~> 1.0)
    bootstrap-sass (3.3.7)
      autoprefixer-rails (>= 5.2.1)
      sass (>= 3.3.4)
    bootstrap-will_paginate (0.0.10)
      will_paginate
    brakeman (4.7.0)
    builder (3.2.3)
    byebug (11.0.1)
    capistrano (3.11.1)
      airbrussh (>= 1.0.0)
      i18n
      rake (>= 10.0.0)
      sshkit (>= 1.9.0)
    capistrano-bundler (1.6.0)
      capistrano (~> 3.1)
    capistrano-rails (1.4.0)
      capistrano (~> 3.1)
      capistrano-bundler (~> 1.1)
    capistrano-rake (0.2.0)
      capistrano (>= 3.0)
    capistrano-rvm (0.1.2)
      capistrano (~> 3.0)
      sshkit (~> 1.2)
    capistrano-sidekiq (1.0.3)
      capistrano (>= 3.9.0)
      sidekiq (>= 3.4, < 6.0)
    capistrano3-puma (3.1.1)
      capistrano (~> 3.7)
      capistrano-bundler
      puma (~> 3.4)
    carrierwave (2.0.1)
      activemodel (>= 5.0.0)
      activesupport (>= 5.0.0)
      addressable (~> 2.6)
      image_processing (~> 1.1)
      mimemagic (>= 0.3.0)
      mini_mime (>= 0.1.3)
    caxlsx (3.0.1)
      htmlentities (~> 4.3, >= 4.3.4)
      mimemagic (~> 0.3)
      nokogiri (~> 1.10, >= 1.10.4)
      rubyzip (>= 1.3.0, < 3)
    caxlsx_rails (0.6.2)
      actionpack (>= 3.1)
      caxlsx (>= 3.0)
    cocoon (1.2.15)
    codeclimate-engine-rb (0.4.1)
      virtus (~> 1.0)
    coercible (1.0.0)
      descendants_tracker (~> 0.0.1)
    coffee-rails (4.2.2)
      coffee-script (>= 2.2.0)
      railties (>= 4.0.0)
    coffee-script (2.4.1)
      coffee-script-source
      execjs
    coffee-script-source (1.12.2)
    concurrent-ruby (1.1.5)
    connection_pool (2.2.2)
    countries (3.0.0)
      i18n_data (~> 0.8.0)
      sixarm_ruby_unaccent (~> 1.1)
      unicode_utils (~> 1.4)
    country_select (4.0.0)
      countries (~> 3.0)
      sort_alphabetical (~> 1.0)
    crass (1.0.4)
    cypress-on-rails (1.5.0)
      rack
    database_cleaner (1.7.0)
    descendants_tracker (0.0.4)
      thread_safe (~> 0.3, >= 0.3.1)
    devise (4.7.0)
      bcrypt (~> 3.0)
      orm_adapter (~> 0.1)
      railties (>= 4.1.0)
      responders
      warden (~> 1.2.3)
    diff-lcs (1.3)
    dotenv (2.7.5)
    dotenv-rails (2.7.5)
      dotenv (= 2.7.5)
      railties (>= 3.2, < 6.1)
    dragonfly (1.2.0)
      addressable (~> 2.3)
      multi_json (~> 1.0)
      rack (>= 1.3)
    dragonfly-s3_data_store (1.3.0)
      dragonfly (~> 1.0)
      fog-aws
    equalizer (0.0.11)
    erubi (1.8.0)
    erubis (2.7.0)
    et-orbi (1.2.2)
      tzinfo
    excon (0.78.1)
    execjs (2.7.0)
    factory_bot (5.1.1)
      activesupport (>= 4.2.0)
    factory_bot_rails (5.1.1)
      factory_bot (~> 5.1.0)
      railties (>= 4.2.0)
    ffi (1.11.1)
    flay (2.12.1)
      erubis (~> 2.7.0)
      path_expander (~> 1.0)
      ruby_parser (~> 3.0)
      sexp_processor (~> 4.0)
    flog (4.6.3)
      path_expander (~> 1.0)
      ruby_parser (~> 3.1, > 3.1.0)
      sexp_processor (~> 4.8)
    fog-aws (3.7.0)
      fog-core (~> 2.1)
      fog-json (~> 1.1)
      fog-xml (~> 0.1)
      ipaddress (~> 0.8)
    fog-core (2.2.3)
      builder
      excon (~> 0.71)
      formatador (~> 0.2)
      mime-types
    fog-json (1.2.0)
      fog-core
      multi_json (~> 1.10)
    fog-xml (0.1.3)
      fog-core
      nokogiri (>= 1.5.11, < 2.0.0)
    font-awesome-rails (4.7.0.5)
      railties (>= 3.2, < 6.1)
    formatador (0.2.5)
    friendly_id (5.3.0)
      activerecord (>= 4.0.0)
    globalid (0.4.2)
      activesupport (>= 4.2.0)
    globalize (5.2.0)
      activemodel (>= 4.2, < 5.3)
      activerecord (>= 4.2, < 5.3)
      request_store (~> 1.0)
    globalize-accessors (0.2.1)
      globalize (~> 5.0, >= 5.0.0)
    gon (6.2.1)
      actionpack (>= 3.0)
      multi_json
      request_store (>= 1.0)
    haml (5.1.2)
      temple (>= 0.8.0)
      tilt
    haml-rails (1.0.0)
      actionpack (>= 4.0.1)
      activesupport (>= 4.0.1)
      haml (>= 4.0.6, < 6.0)
      html2haml (>= 1.0.1)
      railties (>= 4.0.1)
    hirb (0.7.3)
    html2haml (2.2.0)
      erubis (~> 2.7.0)
      haml (>= 4.0, < 6)
      nokogiri (>= 1.6.0)
      ruby_parser (~> 3.5)
    htmlentities (4.3.4)
    i18n (1.6.0)
      concurrent-ruby (~> 1.0)
    i18n_data (0.8.0)
    ice_nine (0.11.2)
    image_processing (1.9.3)
      mini_magick (>= 4.9.5, < 5)
      ruby-vips (>= 2.0.13, < 3)
    immigrant (0.3.6)
      activerecord (>= 3.0)
    interactor (3.1.1)
    interactor-rails (2.2.1)
      interactor (~> 3.0)
      rails (>= 4.2)
    ipaddress (0.8.3)
    jbuilder (2.9.1)
      activesupport (>= 4.2.0)
    jmespath (1.4.0)
    jquery-rails (4.3.5)
      rails-dom-testing (>= 1, < 3)
      railties (>= 4.2.0)
      thor (>= 0.14, < 2.0)
    kwalify (0.7.2)
    launchy (2.4.3)
      addressable (~> 2.3)
    listen (3.0.8)
      rb-fsevent (~> 0.9, >= 0.9.4)
      rb-inotify (~> 0.9, >= 0.9.7)
    lodash-rails (4.17.14)
      railties (>= 3.1)
    loofah (2.2.3)
      crass (~> 1.0.2)
      nokogiri (>= 1.5.9)
    mail (2.7.1)
      mini_mime (>= 0.1.1)
    marcel (0.3.3)
      mimemagic (~> 0.3.2)
    method_source (0.9.2)
    mime-types (3.3.1)
      mime-types-data (~> 3.2015)
    mime-types-data (3.2020.1104)
    mimemagic (0.3.3)
    mini_magick (4.9.5)
    mini_mime (1.0.2)
    mini_portile2 (2.4.0)
    minitest (5.11.3)
    msgpack (1.3.1)
    multi_json (1.13.1)
    net-scp (2.0.0)
      net-ssh (>= 2.6.5, < 6.0.0)
    net-ssh (5.2.0)
    nio4r (2.5.1)
    nokogiri (1.10.4)
      mini_portile2 (~> 2.4.0)
    orm_adapter (0.5.0)
    parser (2.6.5.0)
      ast (~> 2.4.0)
    path_expander (1.1.0)
    paypal-checkout-sdk (1.0.3)
      paypalhttp (~> 1.0.0)
    paypalhttp (1.0.0)
    pg (1.1.4)
    psych (3.1.0)
    public_suffix (4.0.1)
    puma (3.12.1)
    rack (2.0.7)
    rack-protection (2.0.7)
      rack
    rack-test (1.1.0)
      rack (>= 1.0, < 3)
    rails (5.2.3)
      actioncable (= 5.2.3)
      actionmailer (= 5.2.3)
      actionpack (= 5.2.3)
      actionview (= 5.2.3)
      activejob (= 5.2.3)
      activemodel (= 5.2.3)
      activerecord (= 5.2.3)
      activestorage (= 5.2.3)
      activesupport (= 5.2.3)
      bundler (>= 1.3.0)
      railties (= 5.2.3)
      sprockets-rails (>= 2.0.0)
    rails-dom-testing (2.0.3)
      activesupport (>= 4.2.0)
      nokogiri (>= 1.6)
    rails-html-sanitizer (1.2.0)
      loofah (~> 2.2, >= 2.2.2)
    rails-i18n (5.1.3)
      i18n (>= 0.7, < 2)
      railties (>= 5.0, < 6)
    railties (5.2.3)
      actionpack (= 5.2.3)
      activesupport (= 5.2.3)
      method_source
      rake (>= 0.8.7)
      thor (>= 0.19.0, < 2.0)
    rainbow (3.0.0)
    rake (12.3.3)
    rb-fsevent (0.10.3)
    rb-inotify (0.10.0)
      ffi (~> 1.0)
    rb-readline (0.5.5)
    redis (4.1.2)
    redis-actionpack (5.1.0)
      actionpack (>= 4.0, < 7)
      redis-rack (>= 1, < 3)
      redis-store (>= 1.1.0, < 2)
    redis-activesupport (5.2.0)
      activesupport (>= 3, < 7)
      redis-store (>= 1.3, < 2)
    redis-rack (2.0.5)
      rack (>= 1.5, < 3)
      redis-store (>= 1.2, < 2)
    redis-rails (5.0.2)
      redis-actionpack (>= 5.0, < 6)
      redis-activesupport (>= 5.0, < 6)
      redis-store (>= 1.2, < 2)
    redis-store (1.6.0)
      redis (>= 2.2, < 5)
    reek (5.4.0)
      codeclimate-engine-rb (~> 0.4.0)
      kwalify (~> 0.7.0)
      parser (>= 2.5.0.0, < 2.7, != 2.5.1.1)
      psych (~> 3.1.0)
      rainbow (>= 2.0, < 4.0)
    remotipart (1.4.3)
    repost (0.3.4)
    request_store (1.4.1)
      rack (>= 1.4)
    responders (3.0.0)
      actionpack (>= 5.0)
      railties (>= 5.0)
    rspec-core (3.8.2)
      rspec-support (~> 3.8.0)
    rspec-expectations (3.8.4)
      diff-lcs (>= 1.2.0, < 2.0)
      rspec-support (~> 3.8.0)
    rspec-mocks (3.8.1)
      diff-lcs (>= 1.2.0, < 2.0)
      rspec-support (~> 3.8.0)
    rspec-rails (3.8.2)
      actionpack (>= 3.0)
      activesupport (>= 3.0)
      railties (>= 3.0)
      rspec-core (~> 3.8.0)
      rspec-expectations (~> 3.8.0)
      rspec-mocks (~> 3.8.0)
      rspec-support (~> 3.8.0)
    rspec-support (3.8.2)
    ruby-vips (2.0.14)
      ffi (~> 1.9)
    ruby_parser (3.13.1)
      sexp_processor (~> 4.9)
    rubycritic (4.1.0)
      flay (~> 2.8)
      flog (~> 4.4)
      launchy (= 2.4.3)
      parser (~> 2.6.0)
      rainbow (~> 3.0)
      reek (~> 5.0, < 6.0)
      ruby_parser (~> 3.8)
      tty-which (~> 0.4.0)
      virtus (~> 1.0)
    rubyzip (2.0.0)
    rufus-scheduler (3.4.2)
      et-orbi (~> 1.0)
    sass (3.7.4)
      sass-listen (~> 4.0.0)
    sass-listen (4.0.0)
      rb-fsevent (~> 0.9, >= 0.9.4)
      rb-inotify (~> 0.9, >= 0.9.7)
    sass-rails (5.0.7)
      railties (>= 4.0.0, < 6)
      sass (~> 3.1)
      sprockets (>= 2.8, < 4.0)
      sprockets-rails (>= 2.0, < 4.0)
      tilt (>= 1.1, < 3)
    select2-rails (4.0.3)
      thor (~> 0.14)
    sexp_processor (4.12.1)
    shoulda-matchers (4.1.2)
      activesupport (>= 4.2.0)
    sidekiq (5.2.7)
      connection_pool (~> 2.2, >= 2.2.2)
      rack (>= 1.5.0)
      rack-protection (>= 1.5.0)
      redis (>= 3.3.5, < 5)
    sidekiq-cron (0.6.3)
      rufus-scheduler (>= 3.3.0)
      sidekiq (>= 4.2.1)
    simple_form (4.1.0)
      actionpack (>= 5.0)
      activemodel (>= 5.0)
    sixarm_ruby_unaccent (1.2.0)
    sort_alphabetical (1.1.0)
      unicode_utils (>= 1.2.2)
    spring (2.1.0)
    spring-watcher-listen (2.0.1)
      listen (>= 2.7, < 4.0)
      spring (>= 1.2, < 3.0)
    sprockets (3.7.2)
      concurrent-ruby (~> 1.0)
      rack (> 1, < 3)
    sprockets-rails (3.2.1)
      actionpack (>= 4.0)
      activesupport (>= 4.0)
      sprockets (>= 3.0.0)
    sqlite3 (1.3.13)
    sqlite3_ar_regexp (2.2.0)
      activerecord (>= 3.2)
      sqlite3
    sshkit (1.20.0)
      net-scp (>= 1.1.2)
      net-ssh (>= 2.8.0)
    stripe (5.28.0)
    temple (0.8.1)
    thor (0.20.3)
    thread_safe (0.3.6)
    tilt (2.0.9)
    toastrjs-rails (2.1.3.2)
    tty-which (0.4.1)
    tzinfo (1.2.5)
      thread_safe (~> 0.1)
    uglifier (4.1.20)
      execjs (>= 0.3.0, < 3)
    unicode_utils (1.4.0)
    virtus (1.0.5)
      axiom-types (~> 0.1)
      coercible (~> 1.0)
      descendants_tracker (~> 0.0, >= 0.0.3)
      equalizer (~> 0.0, >= 0.0.9)
    warden (1.2.8)
      rack (>= 2.0.6)
    web-console (3.7.0)
      actionview (>= 5.0)
      activemodel (>= 5.0)
      bindex (>= 0.4.0)
      railties (>= 5.0)
    websocket-driver (0.7.1)
      websocket-extensions (>= 0.1.0)
    websocket-extensions (0.1.4)
    wicked_pdf (2.1.0)
      activesupport
    will_paginate (3.1.8)
    wkhtmltopdf-binary (0.12.6.5)

PLATFORMS
  ruby
  x86_64-darwin-18

DEPENDENCIES
  activestorage-validator
  acts-as-taggable-on (~> 6.0)
  aws-sdk-s3
  bcrypt (~> 3.1.12)
  bootsnap
  bootstrap-sass (~> 3.3.6)
  bootstrap-will_paginate (= 0.0.10)
  brakeman
  byebug
  capistrano (~> 3.11)
  capistrano-bundler (~> 1.3)
  capistrano-rails (~> 1.4)
  capistrano-rake
  capistrano-rvm (~> 0.1.2)
  capistrano-sidekiq (~> 1.0, >= 1.0.2)
  capistrano3-puma (~> 3.1, >= 3.1.1)
  carrierwave
  caxlsx
  caxlsx_rails
  ckeditor!
  cocoon
  coffee-rails (~> 4.2, >= 4.2.2)
  country_select (~> 4.0)
  cypress-on-rails (~> 1.0)
  database_cleaner (~> 1.7)
  devise
  dotenv-rails (~> 2.5)
  dragonfly
  dragonfly-s3_data_store
  factory_bot_rails
  faker!
  font-awesome-rails
  friendly_id (= 5.3)
  globalize (~> 5.2.0)
  globalize-accessors
  gon
  haml-rails (~> 1.0)
  hirb
  image_processing (~> 1.2)
  immigrant
  interactor-rails (~> 2.0)
  jbuilder (~> 2.5)
  jquery-rails
  listen (~> 3.0.5)
  lodash-rails
  mini_magick
  paypal-checkout-sdk
  pg
  puma (~> 3.0)
  rails (~> 5.2.0)
  rails-i18n (~> 5.1)
  rb-readline
  redis (~> 4.0)
  redis-rails
  remotipart
  repost (~> 0.3.4)
  rspec-rails (~> 3.8)
  rubycritic
  rufus-scheduler (~> 3.4.0)
  sass-rails (~> 5.0)
  select2-rails
  shoulda-matchers
  sidekiq (~> 5.2, >= 5.2.3)
  sidekiq-cron (~> 0.6.3)
  simple_form
  spring
  spring-watcher-listen (~> 2.0.0)
  sqlite3 (~> 1.3.13)
  sqlite3_ar_regexp (~> 2.2)
  stripe
  toastrjs-rails
  tzinfo-data
  uglifier (>= 1.3.0)
  web-console
  wicked_pdf
  will_paginate (= 3.1.8)
  wkhtmltopdf-binary

RUBY VERSION
   ruby 2.6.3p62

BUNDLED WITH
   2.0.2
